PATH
  remote: .
  specs:
    gitku (0.0.1)

GEM
  specs:

PLATFORMS
  ruby

DEPENDENCIES
  gitku!
